GEM
  remote: https://rubygems.org/
  specs:
    childprocess (0.7.1)
      ffi (~> 1.0, >= 1.0.11)
    ffi (1.9.18-x64-mingw32)
    minitest (5.10.3)
    mustermann (1.0.1)
    pg (0.21.0-x64-mingw32)
    rack (2.0.3)
    rack-protection (2.0.0)
      rack
    rake (11.2.2)
    rubyzip (1.2.1)
    selenium-webdriver (2.53.4)
      childprocess (~> 0.5)
      rubyzip (~> 1.0)
      websocket (~> 1.0)
    sinatra (2.0.0)
      mustermann (~> 1.0)
      rack (~> 2.0)
      rack-protection (= 2.0.0)
      tilt (~> 2.0)
    tilt (2.0.8)
    websocket (1.2.4)

PLATFORMS
  x64-mingw32

DEPENDENCIES
  minitest (~> 5.8, >= 5.8.4)
  pg
  rake (~> 11.2, >= 11.2.2)
  selenium-webdriver (~> 2.48, >= 2.48.1)
  sinatra

BUNDLED WITH
   1.15.4
